GEM
  remote: http://rubygems.org/
  specs:
    cassandra (0.12.1)
      json
      rake
      simple_uuid (>= 0.2.0)
      thrift_client (>= 0.7.0)
    json (1.7.3)
    rake (0.9.2.2)
    simple_uuid (0.2.0)
    thrift (0.7.0)
    thrift_client (0.7.1)
      thrift (~> 0.7.0)

PLATFORMS
  ruby

DEPENDENCIES
  cassandra
  thrift_client (~> 0.7.0)
